GEM
  remote: https://rubygems.org/
  specs:
    bones (3.8.4)
      little-plugger (~> 1.1)
      loquacious (~> 1.9)
      rake (~> 12.0)
      rdoc (~> 5.0)
    byebug (9.1.0)
    coderay (1.1.2)
    colorize (0.8.1)
    diff-lcs (1.3)
    little-plugger (1.1.4)
    loquacious (1.9.1)
    method_source (0.9.0)
    pry (0.11.3)
      coderay (~> 1.1.0)
      method_source (~> 0.9.0)
    pry-byebug (3.5.1)
      byebug (~> 9.1)
      pry (~> 0.10)
    rake (12.3.0)
    rdoc (5.1.0)
    rspec (3.7.0)
      rspec-core (~> 3.7.0)
      rspec-expectations (~> 3.7.0)
      rspec-mocks (~> 3.7.0)
    rspec-core (3.7.1)
      rspec-support (~> 3.7.0)
    rspec-expectations (3.7.0)
      diff-lcs (>= 1.2.0, < 2.0)
      rspec-support (~> 3.7.0)
    rspec-mocks (3.7.0)
      diff-lcs (>= 1.2.0, < 2.0)
      rspec-support (~> 3.7.0)
    rspec-support (3.7.0)

PLATFORMS
  ruby

DEPENDENCIES
  bones
  colorize
  pry-byebug
  rake
  rspec

BUNDLED WITH
   1.11.2
